GEM
  specs:
    rack (3.1.8)
    rack-contrib (2.5.0)
      rack (< 4)
    rack-reloader (0.5.0)

PLATFORMS
  ruby
  x86_64-linux

DEPENDENCIES
  rack
  rack-contrib
  rack-reloader

BUNDLED WITH
   2.5.21
